GEM
  remote: http://rubygems.org/
  specs:
    activemodel (3.2.8)
      activesupport (= 3.2.8)
      builder (~> 3.0.0)
    activerecord (3.2.8)
      activemodel (= 3.2.8)
      activesupport (= 3.2.8)
      arel (~> 3.0.2)
      tzinfo (~> 0.3.29)
    activesupport (3.2.8)
      i18n (~> 0.6)
      multi_json (~> 1.0)
    addressable (2.3.2)
    arel (3.0.2)
    builder (3.0.3)
    coffee-script (2.2.0)
      coffee-script-source
      execjs
    coffee-script-source (1.3.3)
    em-websocket (0.3.8)
      addressable (>= 2.1.1)
      eventmachine (>= 0.12.9)
    eventmachine (1.0.0)
    execjs (1.4.0)
      multi_json (~> 1.0)
    growl (1.0.3)
    guard (1.3.2)
      listen (>= 0.4.2)
      thor (>= 0.14.6)
    guard-coffeescript (1.2.0)
      coffee-script (>= 2.2.0)
      guard (>= 1.1.0)
    guard-livereload (1.0.0)
      em-websocket (>= 0.2.0)
      guard (>= 1.1.0)
      multi_json (~> 1.0)
    guard-rack (1.2.1)
      growl (~> 1.0.3)
      guard (~> 1.1)
      rb-fsevent (>= 0.3.9)
    guard-sass (1.0.0)
      guard (>= 1.1.0)
      sass (>= 3.1)
    haml (3.1.7)
    i18n (0.6.1)
    listen (0.5.0)
    multi_json (1.3.6)
    pg (0.14.1)
    rack (1.4.1)
    rack-flash3 (1.0.1)
      rack
      rack
    rack-protection (1.2.0)
      rack
    rake (0.9.2.2)
    rb-fsevent (0.9.1)
    sass (3.2.1)
    sinatra (1.3.3)
      rack (~> 1.3, >= 1.3.6)
      rack-protection (~> 1.2)
      tilt (~> 1.3, >= 1.3.3)
    sinatra-activerecord (1.1.1)
      activerecord (~> 3.0)
      sinatra (~> 1.0)
    sqlite3 (1.3.6)
    thor (0.16.0)
    tilt (1.3.3)
    tzinfo (0.3.33)

PLATFORMS
  ruby

DEPENDENCIES
  activerecord
  activesupport
  guard-coffeescript
  guard-livereload
  guard-rack
  guard-sass
  haml
  pg
  rack-flash3
  rake
  sass
  sinatra
  sinatra-activerecord
  sqlite3
