GEM
  remote: https://rubygems.org/
  specs:
    activemodel (4.2.2)
      activesupport (= 4.2.2)
      builder (~> 3.1)
    activerecord (4.2.2)
    rack-flash3 (1.0.5)
      activesupport (= 4.2.2)
      rack
    rack-protection (1.5.3)
      rack
    rack-test (0.6.3)
      rack (>= 1.0)
    rake (10.4.2)
    sinatra (1.4.6)
      rack (~> 1.4)
      rack-protection (~> 1.4)
      tilt (>= 1.3, < 3)
    sinatra-activerecord (2.0.6)
      activerecord (>= 3.2)
      sinatra (~> 1.0)
    sinatra-contrib (1.4.4)

PLATFORMS
  ruby

DEPENDENCIES
  activerecord
  activesupport
  haml
  pg
  rack-flash3
  rake
  sinatra
  sinatra-activerecord
  sinatra-contrib
  sqlite3
